GIT
  remote: git://github.com/technicalpickles/jeweler.git
  revision: 68c54875c4f73b0975ab0706afda946b9333f8b7
  specs:
    jeweler (1.5.0.pre3)
      bundler (~> 1.0.0)
      git (>= 1.2.5)
      rake

GEM
  remote: https://rubygems.org/
  specs:
    addressable (2.2.1)
    diff-lcs (1.1.2)
    git (1.2.5)
    rake (0.8.7)
    rdiscount (1.6.5)
    rspec (2.0.0)
      rspec-core (= 2.0.0)
      rspec-expectations (= 2.0.0)
      rspec-mocks (= 2.0.0)
    rspec-core (2.0.0)
    rspec-expectations (2.0.0)
      diff-lcs (>= 1.1.2)
    rspec-mocks (2.0.0)
      rspec-core (= 2.0.0)
      rspec-expectations (= 2.0.0)
    yard (0.5.8)

PLATFORMS
  ruby

DEPENDENCIES
  addressable (>= 2.1.1)
  jeweler (~> 1.5.0.pre)!
  rake (~> 0.8.7)
  rdiscount (~> 1.6.3)
  rspec (~> 2.0.0)
  yard (~> 0.5.3)
